PATH
  remote: .
  specs:
    rspec-github-actions-formatter (0.2.0)

GEM
  remote: https://rubygems.org/
  specs:
    diff-lcs (1.4.4)
    rake (13.0.3)
    rspec (3.10.0)
      rspec-core (~> 3.10.0)
      rspec-expectations (~> 3.10.0)
      rspec-mocks (~> 3.10.0)
    rspec-core (3.10.1)
      rspec-support (~> 3.10.0)
    rspec-expectations (3.10.1)
      diff-lcs (>= 1.2.0, < 2.0)
      rspec-support (~> 3.10.0)
    rspec-mocks (3.10.2)
      diff-lcs (>= 1.2.0, < 2.0)
      rspec-support (~> 3.10.0)
    rspec-support (3.10.2)

PLATFORMS
  ruby

DEPENDENCIES
  rake (~> 13.0)
  rspec (~> 3.9)
  rspec-github-actions-formatter!

BUNDLED WITH
   2.1.4
